{
        "RepetitionTime": 0.72,
        "EchoTime": 0.0331,
        "EffectiveEchoSpacing": 0.00058,
        "ReconMatrixPE": 90,
        "TotalReadoutTime": 0.05162,
        "FlipAngle": 52,
        "MultibandAccelerationFactor": 8,
        "MagneticFieldStrength": 3.0,
        "Manufacturer": "Siemens",
        "ManufacturerModelName": "Skyra",
        "PhaseEncodingDirection": "i"
    }